PATH
  remote: .
  specs:
    code_migrator (0.1.0)

GEM
  remote: https://rubygems.org/
  specs:
    byebug (11.0.1)
    minitest (5.14.2)
    rake (10.5.0)

PLATFORMS
  ruby

DEPENDENCIES
  bundler (~> 1.17)
  byebug
  code_migrator!
  minitest (~> 5.0)
  rake (~> 10.0)

BUNDLED WITH
   1.17.3
